GEM
  remote: https://rubygems.org/
  specs:
    cabin (0.9.0)
    haml (5.0.0)
      temple (>= 0.8.0)
      tilt
    jls-grok (0.11.4)
      cabin (>= 0.6.0)
    json (2.1.0)
    kgio (2.11.0)
    rack (1.6.5)
    rack-protection (1.5.3)
      rack
    raindrops (0.18.0)
    shotgun (0.9.2)
      rack (>= 1.0)
    sinatra (1.4.8)
      rack (~> 1.5)
      rack-protection (~> 1.4)
      tilt (>= 1.3, < 3)
    temple (0.8.0)
    tilt (2.0.7)
    unicorn (5.3.0)
      kgio (~> 2.6)
      raindrops (~> 0.7)

PLATFORMS
  ruby

DEPENDENCIES
  haml
  jls-grok
  json
  shotgun
  sinatra
  unicorn

BUNDLED WITH
   1.14.6
